GEM
  remote: https://rubygems.org/
  specs:
    bigdecimal (3.1.8)
    csv (3.3.1)
    dotenv (3.1.7)
    excon (1.2.2)
    faraday (2.12.2)
      faraday-net_http (>= 2.0, < 3.5)
      json
      logger
    faraday-excon (2.3.0)
      excon (>= 1.0.0)
      faraday (>= 2.11.0, < 3)
    faraday-net_http (3.4.0)
      net-http (>= 0.5.0)
    httparty (0.22.0)
      csv
      mini_mime (>= 1.0.0)
      multi_xml (>= 0.5.2)
    json (2.9.1)
    logger (1.6.4)
    mini_mime (1.1.5)
    multi_xml (0.7.1)
      bigdecimal (~> 3.1)
    net-http (0.6.0)
      uri
    pco_api (2.1.2)
      faraday (> 2.0)
      faraday-excon (~> 2.1)
    uri (1.0.2)

PLATFORMS
  ruby
  x86_64-darwin-23

DEPENDENCIES
  dotenv
  httparty
  pco_api

BUNDLED WITH
   2.5.18
